GEM
  remote: http://rubygems.org/
  specs:
    RedCloth (4.2.7)
    activesupport (3.0.6)
    compass (0.10.6)
      haml (>= 3.0.4)
    compass-susy-plugin (0.8.1)
      compass (>= 0.10.0)
    haml (3.0.25)
    html5-boilerplate (0.3.2)
      compass (>= 0.10.0)
    http_router (0.5.4)
      rack (>= 1.0.0)
      url_mount (~> 0.2.1)
    i18n (0.5.0)
    maruku (0.6.0)
      syntax (>= 1.0.0)
    nesta (0.9.4)
      RedCloth (~> 4.2)
      haml (~> 3.0)
      maruku (>= 0.6.0)
      shotgun (>= 0.8)
      sinatra (= 1.1.2)
    padrino-core (0.9.22)
      activesupport (>= 3.0.0)
      http_router (~> 0.5.4)
      sinatra (~> 1.1.0)
      thor (>= 0.14.3)
      tzinfo
    padrino-helpers (0.9.22)
      i18n (>= 0.4.1)
      padrino-core (= 0.9.22)
    rack (1.2.2)
    shotgun (0.9)
      rack (>= 1.0)
    sinatra (1.1.2)
      rack (~> 1.1)
      tilt (~> 1.2)
    syntax (1.0.0)
    thor (0.14.6)
    tilt (1.2.2)
    tzinfo (0.3.26)
    url_mount (0.2.1)
      rack

PLATFORMS
  ruby

DEPENDENCIES
  compass (~> 0.10)
  compass-susy-plugin (~> 0.8)
  html5-boilerplate (~> 0.3)
  nesta (~> 0.9)
  padrino-helpers (~> 0.9.22)
