GIT
  remote: http://github.com/crnixon/nesta.git
  revision: 8044d9bc1c47c2e9a79af6e3c5dce47c2d1b8009
  specs:
    nesta (0.9.5)
      RedCloth (~> 4.2)
      haml (~> 3.1)
      maruku (>= 0.6.0)
      psych (>= 1.1.0)
      sass (~> 3.1)
      shotgun (>= 0.9)
      sinatra (~> 1.2)

GEM
  remote: http://rubygems.org/
  specs:
    RedCloth (4.2.7)
    activesupport (3.0.7)
    chunky_png (1.1.1)
    compass (0.11.1)
      chunky_png (~> 1.1)
      fssm (>= 0.2.7)
      sass (~> 3.1)
    compass-susy-plugin (0.9)
      compass (>= 0.11.1)
    fssm (0.2.7)
    haml (3.1.1)
    http_router (0.7.5)
      rack (>= 1.0.0)
      url_mount (~> 0.2.1)
    i18n (0.5.0)
    maruku (0.6.0)
      syntax (>= 1.0.0)
    padrino-core (0.9.26)
      activesupport (>= 3.0.0)
      http_router (~> 0.7.5)
      sinatra (~> 1.2.3)
      thor (>= 0.14.3)
      tilt (~> 1.3.0)
      tzinfo
    padrino-helpers (0.9.26)
      i18n (>= 0.4.1)
      padrino-core (= 0.9.26)
    psych (1.1.0)
    rack (1.2.2)
    redcarpet (1.9.0)
    sass (3.1.1)
    shotgun (0.9)
      rack (>= 1.0)
    sinatra (1.2.6)
      rack (~> 1.1)
      tilt (< 2.0, >= 1.2.2)
    syntax (1.0.0)
    thor (0.14.6)
    tilt (1.3)
    tzinfo (0.3.27)
    url_mount (0.2.1)
      rack

PLATFORMS
  ruby

DEPENDENCIES
  compass (~> 0.10)
  compass-susy-plugin (~> 0.9)
  maruku
  nesta!
  padrino-helpers (~> 0.9.22)
  redcarpet
