GEM
  remote: http://rubygems.org/
  specs:
    RedCloth (4.2.7)
    activesupport (3.0.7)
    chunky_png (1.1.1)
    compass (0.11.1)
      chunky_png (~> 1.1)
      fssm (>= 0.2.7)
      sass (~> 3.1)
    compass-susy-plugin (0.9)
      compass (>= 0.11.1)
    fssm (0.2.7)
    haml (3.1.1)
    http_router (0.5.4)
      rack (>= 1.0.0)
      url_mount (~> 0.2.1)
    i18n (0.5.0)
    maruku (0.6.0)
      syntax (>= 1.0.0)
    nesta (0.9.5)
      RedCloth (~> 4.2)
      haml (~> 3.1)
      maruku (>= 0.6.0)
      sass (~> 3.1)
      shotgun (>= 0.8)
      sinatra (= 1.1.2)
    padrino-core (0.9.22)
      activesupport (>= 3.0.0)
      http_router (~> 0.5.4)
      sinatra (~> 1.1.0)
      thor (>= 0.14.3)
      tzinfo
    padrino-helpers (0.9.22)
      i18n (>= 0.4.1)
      padrino-core (= 0.9.22)
    rack (1.2.2)
    redcarpet (1.12.2)
    sass (3.1.1)
    shotgun (0.9)
      rack (>= 1.0)
    sinatra (1.1.2)
      rack (~> 1.1)
      tilt (~> 1.2)
    syntax (1.0.0)
    thor (0.14.6)
    tilt (1.3)
    tzinfo (0.3.27)
    url_mount (0.2.1)
      rack

PLATFORMS
  ruby

DEPENDENCIES
  compass (~> 0.10)
  compass-susy-plugin (~> 0.9)
  nesta (>= 0.9.5)
  padrino-helpers (~> 0.9.22)
  redcarpet
